GEM
  remote: https://rubygems.org/
  specs:
    rack (2.0.7)
    rulers (0.1.0)
      rack

PLATFORMS
  ruby

DEPENDENCIES
  rulers (= 0.1.0)

BUNDLED WITH
   2.0.2
